GEM
  remote: http://rubygems.org/
  specs:
    abstract (1.0.0)
    actionmailer (3.0.5)
      actionpack (= 3.0.5)
      mail (~> 2.2.15)
    actionpack (3.0.5)
      activemodel (= 3.0.5)
      activesupport (= 3.0.5)
      builder (~> 2.1.2)
      erubis (~> 2.6.6)
      i18n (~> 0.4)
      rack (~> 1.2.1)
      rack-mount (~> 0.6.13)
      rack-test (~> 0.5.7)
      tzinfo (~> 0.3.23)
    activemodel (3.0.5)
      activesupport (= 3.0.5)
      builder (~> 2.1.2)
      i18n (~> 0.4)
    activerecord (3.0.5)
      activemodel (= 3.0.5)
      activesupport (= 3.0.5)
      arel (~> 2.0.2)
      tzinfo (~> 0.3.23)
    activeresource (3.0.5)
      activemodel (= 3.0.5)
      activesupport (= 3.0.5)
    activesupport (3.0.5)
    alias (0.2.2)
    anemone (0.6.1)
      nokogiri (>= 1.3.0)
      robots (>= 0.7.2)
    arel (2.0.9)
    awesome_print (0.4.0)
    boson (0.3.3)
      alias (>= 0.2.2)
      hirb (>= 0.3.5)
    bson (1.2.4)
    bson_ext (1.2.4)
    builder (2.1.2)
    clipboard (0.9.8)
    coderay (0.9.8)
    colorize (0.5.8)
    erubis (2.6.6)
      abstract (>= 1.0.0)
    every_day_irb (1.0.4)
    fancy_irb (0.6.5)
      unicode-display_width (>= 0.1.1)
      wirb (>= 0.2.4)
    g (1.4.0)
      ruby-growl (>= 1.0.1)
    hirb (0.4.5)
    i18n (0.5.0)
    id_stuffer (0.0.1)
    interactive_editor (0.0.8)
      spoon (>= 0.0.1)
    irbtools (1.0.4)
      awesome_print (~> 0.4.0)
      boson (>= 0.3.3)
      clipboard (>= 0.9.8)
      coderay (~> 0.9)
      every_day_irb (>= 1.0.4)
      fancy_irb (>= 0.6.5)
      g
      hirb (~> 0.4.5)
      interactive_editor (>= 0.0.8)
      methodfinder (>= 1.2.3)
      ori (~> 0.1.0)
      rvm_loader (>= 1.0.0)
      sketches
      wirb (>= 0.3.0)
      zucker (>= 11)
    kaminari (0.10.4)
      rails (>= 3.0.0)
    mail (2.2.15)
      activesupport (>= 2.3.6)
      i18n (>= 0.4.0)
      mime-types (~> 1.16)
      treetop (~> 1.4.8)
    mechanize (1.0.0)
      nokogiri (>= 1.2.1)
    methodfinder (1.2.3)
    mime-types (1.16)
    mongo (1.2.4)
      bson (>= 1.2.4)
    mysql2 (0.2.7)
    nokogiri (1.4.4)
    ori (0.1.0)
    polyglot (0.3.1)
    rack (1.2.2)
    rack-mount (0.6.14)
      rack (>= 1.0.0)
    rack-test (0.5.7)
      rack (>= 1.0)
    rails (3.0.5)
      actionmailer (= 3.0.5)
      actionpack (= 3.0.5)
      activerecord (= 3.0.5)
      activeresource (= 3.0.5)
      activesupport (= 3.0.5)
      bundler (~> 1.0)
      railties (= 3.0.5)
    railties (3.0.5)
      actionpack (= 3.0.5)
      activesupport (= 3.0.5)
      rake (>= 0.8.7)
      thor (~> 0.14.4)
    rake (0.8.7)
    robots (0.10.0)
    ruby-growl (3.0)
    rvm_loader (1.0.0)
    sketches (0.1.1)
    spoon (0.0.1)
    tabulatr (0.1.1)
      id_stuffer (>= 0.0.1)
      rails (~> 3.0)
      whiny_hash (>= 0.0.2)
    thor (0.14.6)
    treetop (1.4.9)
      polyglot (>= 0.3.1)
    tzinfo (0.3.25)
    unicode-display_width (0.1.1)
    w3c_validators (1.1.1)
      nokogiri
    whiny_hash (0.0.2)
    wirb (0.3.1)
    wirble (0.1.3)
    zucker (11)

PLATFORMS
  ruby

DEPENDENCIES
  anemone
  bson_ext
  colorize
  irbtools
  kaminari
  mechanize
  mongo
  mysql2
  rails (= 3.0.5)
  tabulatr
  w3c_validators
  wirble
